PATH
  remote: .
  specs:
    shenzhen (0.0.2)
      commander (~> 4.1.2)
      faraday (~> 0.8.0)
      faraday_middleware (~> 0.8.7)
      json (~> 1.7.3)

GEM
  remote: http://rubygems.org/
  specs:
    commander (4.1.2)
      highline (~> 1.6.11)
    faraday (0.8.4)
      multipart-post (~> 1.1)
    faraday_middleware (0.8.8)
      faraday (>= 0.7.4, < 0.9)
    highline (1.6.15)
    json (1.7.5)
    multipart-post (1.1.5)
    rake (0.9.2.2)
    rspec (0.6.4)

PLATFORMS
  ruby

DEPENDENCIES
  rake (~> 0.9.2)
  rspec (~> 0.6.1)
  shenzhen!
